GEM
  remote: http://rubygems.org/
  specs:
    addressable (2.2.4)
    bson (1.3.0)
    bson_ext (1.3.0)
    builder (3.0.0)
    capybara (0.4.1.2)
      celerity (>= 0.7.9)
      culerity (>= 0.2.4)
      mime-types (>= 1.16)
      nokogiri (>= 1.3.3)
      rack (>= 1.0.0)
      rack-test (>= 0.5.4)
      selenium-webdriver (>= 0.0.27)
      xpath (~> 0.1.3)
    celerity (0.8.9)
    childprocess (0.1.8)
      ffi (~> 1.0.6)
    configuration (1.2.0)
    cucumber (0.10.2)
      builder (>= 2.1.2)
      diff-lcs (>= 1.1.2)
      gherkin (>= 2.3.5)
      json (>= 1.4.6)
      term-ansicolor (>= 1.0.5)
    culerity (0.2.15)
    diff-lcs (1.1.2)
    faraday (0.6.1)
      addressable (~> 2.2.4)
      multipart-post (~> 1.1.0)
      rack (< 2, >= 1.1.0)
    ffi (1.0.7)
      rake (>= 0.8.7)
    gherkin (2.3.6)
      json (>= 1.4.6)
    guard (0.3.4)
      thor (~> 0.14.6)
    guard-rspec (0.3.1)
      guard (>= 0.2.2)
    haml (3.1.1)
    json (1.5.1)
    json_pure (1.5.1)
    launchy (0.4.0)
      configuration (>= 0.0.5)
      rake (>= 0.8.1)
    mime-types (1.16)
    mongo (1.3.0)
      bson (>= 1.3.0)
    multi_json (1.0.1)
    multi_xml (0.2.2)
    multipart-post (1.1.0)
    nokogiri (1.4.4)
    oa-core (0.2.5)
    oa-oauth (0.2.5)
      faraday (~> 0.6.1)
      multi_json (~> 1.0.0)
      multi_xml (~> 0.2.2)
      oa-core (= 0.2.5)
      oauth (~> 0.4.0)
      oauth2 (~> 0.4.1)
    oauth (0.4.4)
    oauth2 (0.4.1)
      faraday (~> 0.6.1)
      multi_json (>= 0.0.5)
    rack (1.2.2)
    rack-test (0.5.7)
      rack (>= 1.0)
    rake (0.8.7)
    rspec (2.5.0)
      rspec-core (~> 2.5.0)
      rspec-expectations (~> 2.5.0)
      rspec-mocks (~> 2.5.0)
    rspec-core (2.5.1)
    rspec-expectations (2.5.0)
      diff-lcs (~> 1.1.2)
    rspec-mocks (2.5.0)
    rubyzip (0.9.4)
    selenium-webdriver (0.2.0)
      childprocess (>= 0.1.7)
      ffi (>= 1.0.7)
      json_pure
      rubyzip
    sinatra (1.2.3)
      rack (~> 1.1)
      tilt (>= 1.2.2, < 2.0)
    term-ansicolor (1.0.5)
    thor (0.14.6)
    tilt (1.3)
    xpath (0.1.4)
      nokogiri (~> 1.3)

PLATFORMS
  ruby

DEPENDENCIES
  bson_ext
  capybara
  cucumber
  guard-rspec
  haml
  launchy
  mongo
  oa-oauth
  rack-test
  rspec
  sinatra
